{
	"Modality": "MR",
	"MagneticFieldStrength": 1.5,
	"ImagingFrequency": 63.6859,
	"Manufacturer": "Siemens",
	"ManufacturersModelName": "Avanto",
	"InstitutionName": "C.H.R.U_Hotel_Dieu",
	"InstitutionalDepartmentName": "Department",
	"InstitutionAddress": "Quai_Moncousu_10_Nantes_7EEADA_Ouest_FR_44093",
	"DeviceSerialNumber": "26778",
	"StationName": "MRC26778",
	"PatientPosition": "HFS",
	"ProcedureStepDescription": "IRM_Avavnt-Bras_avec_IV",
	"SoftwareVersions": "syngo_MR_B17",
	"MRAcquisitionType": "2D",
	"SeriesDescription": "T1_TSE_AX_FS_GADO",
	"ProtocolName": "T1_TSE_AX_FS_GADO",
	"ScanningSequence": "SE",
	"SequenceVariant": "SK_SP_OSP",
	"ScanOptions": "FS",
	"SequenceName": "tse2d1_3",
	"ImageType": ["ORIGINAL", "PRIMARY", "M", "ND", "NORM"],
	"SeriesNumber": 10,
	"AcquisitionTime": "13:21:12.562500",
	"AcquisitionNumber": 1,
	"ImageComments": "AVT_BRAS_GAUCHE",
	"SliceThickness": 9,
	"SpacingBetweenSlices": 12.6,
	"SAR": 1.27358,
	"EchoTime": 0.013,
	"RepetitionTime": 0.505,
	"FlipAngle": 180,
	"PartialFourier": 1,
	"BaseResolution": 384,
	"ShimSetting": [
		-190,
		136,
		16,
		0,
		0,
		0,
		0,
		0	],
	"TxRefAmp": 289.483,
	"PhaseResolution": 0.9,
	"ReceiveCoilName": "BodyMatrix",
	"CoilString": "T:BO1_2;SP3-5",
	"PulseSequenceDetails": "%SiemensSeq%_tse",
	"RefLinesPE": 27,
	"PercentPhaseFOV": 89.0625,
	"EchoTrainLength": 3,
	"PhaseEncodingSteps": 307,
	"AcquisitionMatrixPE": 308,
	"ReconMatrixPE": 342,
	"ParallelReductionFactorInPlane": 2,
	"PixelBandwidth": 124,
	"DwellTime": 1.05e-05,
	"PhaseEncodingDirection": "j-",
	"SliceTiming": [
		0,
		29.4062,
		58.8125,
		88.2188,
		0.07812,
		29.5,
		58.9062,
		88.3125,
		0.14062,
		29.5781,
		58.9844,
		88.3906,
		0.21875,
		29.6562,
		59.0625,
		88.4844,
		0.29688,
		29.75,
		59.1562,
		88.5625,
		0.35938,
		29.8281,
		59.2344,
		88.6406,
		0.4375	],
	"ImageOrientationPatientDICOM": [
		0.929928,
		0.300408,
		0.212107,
		-0.305745,
		0.95208,
		-0.0079761	],
	"InPlanePhaseEncodingDirectionDICOM": "COL",
	"ConversionSoftware": "dcm2niix",
	"ConversionSoftwareVersion": "v1.0.20190902"
}
