{
	"Modality": "MR",
	"MagneticFieldStrength": 1.5,
	"ImagingFrequency": 63.6858,
	"Manufacturer": "Siemens",
	"ManufacturersModelName": "Avanto",
	"InstitutionName": "C.H.R.U_Hotel_Dieu",
	"InstitutionalDepartmentName": "Department",
	"InstitutionAddress": "Quai_Moncousu_10_Nantes_7EEADA_Ouest_FR_44093",
	"DeviceSerialNumber": "26778",
	"StationName": "MRC26778",
	"PatientPosition": "HFS",
	"ProcedureStepDescription": "IRM_Avavnt-Bras_avec_IV",
	"SoftwareVersions": "syngo_MR_B17",
	"MRAcquisitionType": "2D",
	"SeriesDescription": "T1_TSE_SAG_FS_GADO",
	"ProtocolName": "T1_TSE_SAG_FS_GADO",
	"ScanningSequence": "SE",
	"SequenceVariant": "SK_SP_OSP",
	"ScanOptions": "FS",
	"SequenceName": "tse2d1_3",
	"ImageType": ["ORIGINAL", "PRIMARY", "M", "ND", "NORM"],
	"SeriesNumber": 13,
	"AcquisitionTime": "13:30:43.902500",
	"AcquisitionNumber": 1,
	"ImageComments": "AVT_BRAS_GAUCHE",
	"SliceThickness": 3,
	"SpacingBetweenSlices": 4.2,
	"SAR": 1.336,
	"NumberOfAverages": 2,
	"EchoTime": 0.013,
	"RepetitionTime": 0.347,
	"FlipAngle": 180,
	"PartialFourier": 1,
	"BaseResolution": 384,
	"ShimSetting": [
		-217,
		171,
		23,
		0,
		0,
		0,
		0,
		0	],
	"TxRefAmp": 289.483,
	"PhaseResolution": 0.9,
	"ReceiveCoilName": "BodyMatrix",
	"CoilString": "T:BO1_2;SP3-5",
	"PulseSequenceDetails": "%SiemensSeq%_tse",
	"RefLinesPE": 32,
	"PercentPhaseFOV": 75,
	"EchoTrainLength": 3,
	"PhaseEncodingSteps": 264,
	"AcquisitionMatrixPE": 259,
	"ReconMatrixPE": 288,
	"ParallelReductionFactorInPlane": 2,
	"PixelBandwidth": 124,
	"DwellTime": 1.05e-05,
	"PhaseEncodingDirection": "i",
	"SliceTiming": [
		0,
		31,
		62.0156,
		93.0156,
		0.0625,
		31.0781,
		62.0938,
		93.1094,
		0.14062,
		31.1406,
		62.1875,
		93.1875,
		0.20312,
		31.2188,
		62.2656,
		93.2812,
		0.28125,
		31.2812	],
	"ImageOrientationPatientDICOM": [
		-0.308438,
		0.951244,
		-1.15126e-08,
		0.228713,
		0.0741595,
		-0.970665	],
	"InPlanePhaseEncodingDirectionDICOM": "ROW",
	"ConversionSoftware": "dcm2niix",
	"ConversionSoftwareVersion": "v1.0.20190902"
}
