{
	"Modality": "MR",
	"MagneticFieldStrength": 1.5,
	"ImagingFrequency": 63.6859,
	"Manufacturer": "Siemens",
	"ManufacturersModelName": "Avanto",
	"InstitutionName": "C.H.R.U_Hotel_Dieu",
	"InstitutionalDepartmentName": "Department",
	"InstitutionAddress": "Quai_Moncousu_10_Nantes_7EEADA_Ouest_FR_44093",
	"DeviceSerialNumber": "26778",
	"StationName": "MRC26778",
	"PatientPosition": "HFS",
	"ProcedureStepDescription": "IRM_Avavnt-Bras_avec_IV",
	"SoftwareVersions": "syngo_MR_B17",
	"MRAcquisitionType": "2D",
	"SeriesDescription": "T2_AX_FS",
	"ProtocolName": "T2_AX_FS",
	"ScanningSequence": "SE",
	"SequenceVariant": "SK_SP_OSP",
	"ScanOptions": "FS",
	"SequenceName": "tse2d1_9",
	"ImageType": ["ORIGINAL", "PRIMARY", "M", "NORM", "DIS2D"],
	"SeriesNumber": 8,
	"AcquisitionTime": "13:16:1.547500",
	"AcquisitionNumber": 1,
	"ImageComments": "AVT_BRAS_GAUCHE",
	"SliceThickness": 6.5,
	"SpacingBetweenSlices": 6.5,
	"SAR": 1.55989,
	"NumberOfAverages": 2,
	"EchoTime": 0.058,
	"RepetitionTime": 4.91,
	"FlipAngle": 170,
	"PartialFourier": 1,
	"BaseResolution": 384,
	"ShimSetting": [
		-220,
		129,
		118,
		0,
		0,
		0,
		0,
		0	],
	"TxRefAmp": 289.483,
	"PhaseResolution": 1,
	"ReceiveCoilName": "BodyMatrix",
	"CoilString": "T:BO1_2;SP3-5",
	"PulseSequenceDetails": "%SiemensSeq%_tse",
	"RefLinesPE": 32,
	"PercentPhaseFOV": 50,
	"EchoTrainLength": 9,
	"PhaseEncodingSteps": 199,
	"AcquisitionMatrixPE": 192,
	"ReconMatrixPE": 192,
	"ParallelReductionFactorInPlane": 2,
	"PixelBandwidth": 100,
	"DwellTime": 1.3e-05,
	"PhaseEncodingDirection": "j-",
	"SliceTiming": [
		2.45312,
		0,
		2.625,
		0.15625,
		2.79688,
		0.32812,
		2.95312,
		0.48438,
		3.125,
		0.65625,
		3.28125,
		0.8125,
		3.45312,
		0.98438,
		3.60938,
		1.14062,
		3.78125,
		1.3125,
		3.9375,
		1.46875,
		4.10938,
		1.64062,
		4.26562,
		1.79688,
		4.4375,
		1.96875,
		4.59375,
		2.125,
		4.76562,
		2.29688	],
	"ImageOrientationPatientDICOM": [
		0.92761,
		0.298911,
		0.224036,
		-0.304983,
		0.952326,
		-0.00783597	],
	"InPlanePhaseEncodingDirectionDICOM": "COL",
	"ConversionSoftware": "dcm2niix",
	"ConversionSoftwareVersion": "v1.0.20190902"
}
