{
	"Modality": "MR",
	"MagneticFieldStrength": 1.5,
	"ImagingFrequency": 63.6859,
	"Manufacturer": "Siemens",
	"ManufacturersModelName": "Avanto",
	"InstitutionName": "C.H.R.U_Hotel_Dieu",
	"InstitutionalDepartmentName": "Department",
	"InstitutionAddress": "Quai_Moncousu_10_Nantes_7EEADA_Ouest_FR_44093",
	"DeviceSerialNumber": "26778",
	"StationName": "MRC26778",
	"PatientPosition": "HFS",
	"ProcedureStepDescription": "IRM_Avavnt-Bras_avec_IV",
	"SoftwareVersions": "syngo_MR_B17",
	"MRAcquisitionType": "2D",
	"SeriesDescription": "T1_GADO_FS_CORO",
	"ProtocolName": "T1_GADO_FS_CORO",
	"ScanningSequence": "SE",
	"SequenceVariant": "SK_SP_OSP",
	"ScanOptions": "SAT2_FS",
	"SequenceName": "tse2d1_3",
	"ImageType": ["ORIGINAL", "PRIMARY", "M", "NORM", "DIS2D", "FM", "FIL"],
	"SeriesNumber": 11,
	"AcquisitionTime": "13:24:8.182500",
	"AcquisitionNumber": 1,
	"ImageComments": "AVT_BRAS_GAUCHE",
	"SliceThickness": 4,
	"SpacingBetweenSlices": 4.4,
	"SAR": 1.71395,
	"NumberOfAverages": 3,
	"EchoTime": 0.011,
	"RepetitionTime": 0.7,
	"FlipAngle": 175,
	"PartialFourier": 1,
	"BaseResolution": 512,
	"ShimSetting": [
		-199,
		106,
		10,
		0,
		0,
		0,
		0,
		0	],
	"TxRefAmp": 289.483,
	"PhaseResolution": 0.6,
	"ReceiveCoilName": "BodyMatrix",
	"CoilString": "C:BO1_2;SP2-5",
	"PulseSequenceDetails": "%SiemensSeq%_tse",
	"PercentPhaseFOV": 50,
	"EchoTrainLength": 3,
	"PhaseEncodingSteps": 156,
	"AcquisitionMatrixPE": 154,
	"ReconMatrixPE": 256,
	"PixelBandwidth": 188,
	"DwellTime": 5.2e-06,
	"PhaseEncodingDirection": "i",
	"SliceTiming": [
		0,
		71.0469,
		0.07812,
		71.1406,
		0.17188,
		71.2344,
		0.26562,
		71.3438,
		0.34375,
		71.4375,
		0.4375,
		71.5469,
		0.51562,
		71.6406,
		0.60938	],
	"ImageOrientationPatientDICOM": [
		0.94195,
		0.300615,
		0.149535,
		0.142457,
		0.0454637,
		-0.988756	],
	"InPlanePhaseEncodingDirectionDICOM": "ROW",
	"ConversionSoftware": "dcm2niix",
	"ConversionSoftwareVersion": "v1.0.20190902"
}
