{
	"Modality": "MR",
	"MagneticFieldStrength": 1.5,
	"ImagingFrequency": 63.6859,
	"Manufacturer": "Siemens",
	"ManufacturersModelName": "Avanto",
	"InstitutionName": "C.H.R.U_Hotel_Dieu",
	"InstitutionalDepartmentName": "Department",
	"InstitutionAddress": "Quai_Moncousu_10_Nantes_7EEADA_Ouest_FR_44093",
	"DeviceSerialNumber": "26778",
	"StationName": "MRC26778",
	"PatientPosition": "HFS",
	"ProcedureStepDescription": "IRM_Avavnt-Bras_avec_IV",
	"SoftwareVersions": "syngo_MR_B17",
	"MRAcquisitionType": "2D",
	"SeriesDescription": "T2_STIR_CORO",
	"ProtocolName": "T2_STIR_CORO",
	"ScanningSequence": "SE_IR",
	"SequenceVariant": "SK_SP_MP_OSP",
	"ScanOptions": "IR_SAT2",
	"SequenceName": "tirR2d1_7",
	"ImageType": ["ORIGINAL", "PRIMARY", "M", "ND", "NORM", "FM", "FIL"],
	"SeriesNumber": 7,
	"AcquisitionTime": "13:12:58.640000",
	"AcquisitionNumber": 1,
	"ImageComments": "AVT_BRAS_GAUCHE",
	"SliceThickness": 4.5,
	"SpacingBetweenSlices": 5.175,
	"SAR": 1.36874,
	"EchoTime": 0.031,
	"RepetitionTime": 3.9433,
	"InversionTime": 0.16,
	"FlipAngle": 180,
	"PartialFourier": 1,
	"BaseResolution": 320,
	"ShimSetting": [
		-219,
		123,
		0,
		0,
		0,
		0,
		0,
		0	],
	"TxRefAmp": 289.483,
	"PhaseResolution": 0.75,
	"PhaseOversampling": 0.5,
	"ReceiveCoilName": "BodyMatrix",
	"CoilString": "C:BO1_2;SP3-5",
	"PulseSequenceDetails": "%SiemensSeq%_tse",
	"PercentPhaseFOV": 80,
	"EchoTrainLength": 7,
	"PhaseEncodingSteps": 294,
	"AcquisitionMatrixPE": 192,
	"ReconMatrixPE": 256,
	"PixelBandwidth": 90,
	"DwellTime": 1.74e-05,
	"PhaseEncodingDirection": "i",
	"SliceTiming": [
		0,
		2.125,
		0.29688,
		2.4375,
		0.60938,
		2.73438,
		0.90625,
		3.04688,
		1.21875,
		3.34375,
		1.51562,
		3.65625,
		1.82812	],
	"ImageOrientationPatientDICOM": [
		0.94195,
		0.300615,
		0.149535,
		0.142457,
		0.0454637,
		-0.988756	],
	"InPlanePhaseEncodingDirectionDICOM": "ROW",
	"ConversionSoftware": "dcm2niix",
	"ConversionSoftwareVersion": "v1.0.20190902"
}
