{
	"Modality": "MR",
	"MagneticFieldStrength": 1.5,
	"ImagingFrequency": 63.6859,
	"Manufacturer": "Siemens",
	"ManufacturersModelName": "Avanto",
	"InstitutionName": "C.H.R.U_Hotel_Dieu",
	"InstitutionalDepartmentName": "Department",
	"InstitutionAddress": "Quai_Moncousu_10_Nantes_7EEADA_Ouest_FR_44093",
	"DeviceSerialNumber": "26778",
	"StationName": "MRC26778",
	"PatientPosition": "HFS",
	"ProcedureStepDescription": "IRM_Avavnt-Bras_avec_IV",
	"SoftwareVersions": "syngo_MR_B17",
	"MRAcquisitionType": "2D",
	"SeriesDescription": "T1_TSE_AX",
	"ProtocolName": "T1_TSE_AX",
	"ScanningSequence": "SE",
	"SequenceVariant": "SK_SP_OSP",
	"SequenceName": "tse2d1_3",
	"ImageType": ["ORIGINAL", "PRIMARY", "M", "ND", "NORM"],
	"SeriesNumber": 6,
	"AcquisitionTime": "13:11:0.770000",
	"AcquisitionNumber": 1,
	"ImageComments": "AVT_BRAS_GAUCHE",
	"SliceThickness": 5,
	"SpacingBetweenSlices": 7,
	"SAR": 1.76276,
	"EchoTime": 0.013,
	"RepetitionTime": 0.353,
	"FlipAngle": 180,
	"PartialFourier": 1,
	"BaseResolution": 384,
	"ShimSetting": [
		-210,
		114,
		127,
		0,
		0,
		0,
		0,
		0	],
	"TxRefAmp": 289.483,
	"PhaseResolution": 0.9,
	"ReceiveCoilName": "BodyMatrix",
	"CoilString": "T:BO1_2;SP3-5",
	"PulseSequenceDetails": "%SiemensSeq%_tse",
	"RefLinesPE": 27,
	"PercentPhaseFOV": 89.0625,
	"EchoTrainLength": 3,
	"PhaseEncodingSteps": 307,
	"AcquisitionMatrixPE": 308,
	"ReconMatrixPE": 342,
	"ParallelReductionFactorInPlane": 2,
	"PixelBandwidth": 124,
	"DwellTime": 1.05e-05,
	"PhaseEncodingDirection": "j-",
	"SliceTiming": [
		0,
		20.2031,
		40.4062,
		60.6094,
		0.04688,
		20.2656,
		40.4688,
		60.6562,
		0.09375,
		20.3125,
		40.5156,
		60.7188,
		0.15625,
		20.375,
		40.5781,
		60.7812,
		0.20312,
		20.4375,
		40.6406,
		60.8438,
		0.25,
		20.5,
		40.7031,
		60.9062,
		0.29688	],
	"ImageOrientationPatientDICOM": [
		0.923716,
		0.296376,
		0.242713,
		-0.303702,
		0.952737,
		-0.00755511	],
	"InPlanePhaseEncodingDirectionDICOM": "COL",
	"ConversionSoftware": "dcm2niix",
	"ConversionSoftwareVersion": "v1.0.20190902"
}
