{
	"Modality": "MR",
	"MagneticFieldStrength": 1.5,
	"ImagingFrequency": 63.6858,
	"Manufacturer": "Siemens",
	"ManufacturersModelName": "Avanto",
	"InstitutionName": "C.H.R.U_Hotel_Dieu",
	"InstitutionalDepartmentName": "Department",
	"InstitutionAddress": "Quai_Moncousu_10_Nantes_7EEADA_Ouest_FR_44093",
	"DeviceSerialNumber": "26778",
	"StationName": "MRC26778",
	"PatientPosition": "HFS",
	"ProcedureStepDescription": "IRM_Avavnt-Bras_avec_IV",
	"SoftwareVersions": "syngo_MR_B17",
	"MRAcquisitionType": "2D",
	"SeriesDescription": "T1_TSE_SAG_FS_GADO",
	"ProtocolName": "T1_TSE_SAG_FS_GADO",
	"ScanningSequence": "SE",
	"SequenceVariant": "SK_SP_OSP",
	"ScanOptions": "FS",
	"SequenceName": "tse2d1_3",
	"ImageType": ["ORIGINAL", "PRIMARY", "M", "ND", "NORM"],
	"SeriesNumber": 12,
	"AcquisitionTime": "13:27:55.807500",
	"AcquisitionNumber": 1,
	"ImageComments": "AVT_BRAS_GAUCHE",
	"SliceThickness": 3,
	"SpacingBetweenSlices": 4.2,
	"SAR": 0.977846,
	"EchoTime": 0.013,
	"RepetitionTime": 0.577,
	"FlipAngle": 180,
	"PartialFourier": 1,
	"BaseResolution": 384,
	"ShimSetting": [
		-218,
		172,
		22,
		0,
		0,
		0,
		0,
		0	],
	"TxRefAmp": 289.483,
	"PhaseResolution": 0.9,
	"ReceiveCoilName": "BodyMatrix",
	"CoilString": "T:BO1_2;SP3-5",
	"PulseSequenceDetails": "%SiemensSeq%_tse",
	"RefLinesPE": 27,
	"PercentPhaseFOV": 75,
	"EchoTrainLength": 3,
	"PhaseEncodingSteps": 259,
	"AcquisitionMatrixPE": 259,
	"ReconMatrixPE": 288,
	"ParallelReductionFactorInPlane": 2,
	"PixelBandwidth": 124,
	"DwellTime": 1.05e-05,
	"PhaseEncodingDirection": "i",
	"SliceTiming": [
		0,
		28.375,
		56.7656,
		85.1562,
		0.09375,
		28.4844,
		56.8906,
		85.2656,
		0.1875,
		28.5781,
		57,
		85.3906,
		0.28125,
		28.6719,
		57.125,
		85.5,
		0.375,
		28.7656,
		57.2344,
		85.625,
		0.48438,
		28.8594	],
	"ImageOrientationPatientDICOM": [
		-0.308438,
		0.951244,
		-1.15126e-08,
		0.228713,
		0.0741595,
		-0.970665	],
	"InPlanePhaseEncodingDirectionDICOM": "ROW",
	"ConversionSoftware": "dcm2niix",
	"ConversionSoftwareVersion": "v1.0.20190902"
}
